GEM
  remote: https://rubygems.org/
  specs:
    atomic (1.1.101-java)
    backports (3.25.0)
    builder (3.3.0)
    cucumber (3.2.0)
      builder (>= 2.1.2)
      cucumber-core (~> 3.2.0)
      cucumber-expressions (~> 6.0.1)
      cucumber-wire (~> 0.0.1)
      diff-lcs (~> 1.3)
      gherkin (~> 5.1.0)
      multi_json (>= 1.7.5, < 2.0)
      multi_test (>= 0.1.2)
    cucumber-core (3.2.1)
      backports (>= 3.8.0)
      cucumber-tag_expressions (~> 1.1.0)
      gherkin (~> 5.0)
    cucumber-expressions (6.0.1)
    cucumber-tag_expressions (1.1.1)
    cucumber-wire (0.0.1)
    diff-lcs (1.3)
    gherkin (5.1.0)
    httparty (0.20.0)
      mime-types (~> 3.0)
      multi_xml (>= 0.5.2)
    json (2.7.2-java)
    mime-types (3.5.2)
      mime-types-data (~> 3.2015)
    mime-types-data (3.2024.0604)
    multi_json (1.15.0)
    multi_test (1.1.0)
    multi_xml (0.6.0)
    rake (11.3.0)
    report_builder (1.9)
      json (>= 2.3.0)
    rspec (3.13.0)
      rspec-core (~> 3.13.0)
      rspec-expectations (~> 3.13.0)
      rspec-mocks (~> 3.13.0)
    rspec-core (3.13.0)
      rspec-support (~> 3.13.0)
    rspec-expectations (3.13.0)
      diff-lcs (>= 1.2.0, < 2.0)
      rspec-support (~> 3.13.0)
    rspec-mocks (3.13.1)
      diff-lcs (>= 1.2.0, < 2.0)
      rspec-support (~> 3.13.0)
    rspec-support (3.13.1)
    thread_safe (0.2.0-java)
      atomic (>= 1.1.7, < 2)

PLATFORMS
  universal-java-1.8
  universal-java-11

DEPENDENCIES
  cucumber (~> 3.2)
  httparty (~> 0.20.0)
  rake (~> 11.2, >= 11.2.2)
  report_builder (~> 1.9)
  rspec (~> 3.4)
  thread_safe (= 0.2.0)

BUNDLED WITH
   2.3.26
